GEM
  specs:
    activesupport (5.0.0)
      concurrent-ruby (~> 1.0, >= 1.0.2)
      i18n (~> 0.7)
      minitest (~> 5.1)
      tzinfo (~> 1.1)
    addressable (2.4.0)
    backports (3.6.8)
    concurrent-ruby (1.0.2)
    ethon (0.9.0)
      ffi (>= 1.3.0)
    faraday (0.9.2)
      multipart-post (>= 1.2, < 3)
    faraday_middleware (0.10.0)
      faraday (>= 0.7.4, < 0.10)
    ffi (1.9.10)
    gh (0.14.0)
      addressable
      backports
      faraday (~> 0.8)
      multi_json (~> 1.0)
      net-http-persistent (>= 2.7)
      net-http-pipeline
    highline (1.7.8)
    i18n (0.7.0)
    json (1.8.3)
    launchy (2.4.3)
      addressable (~> 2.3)
    minitest (5.8.3)
    multi_json (1.12.1)
    multipart-post (2.0.0)
    net-http-persistent (2.9.4)
    net-http-pipeline (1.0.1)
    pusher-client (0.6.2)
      json
      websocket (~> 1.0)
    thread_safe (0.3.5)
    travis (1.8.2)
      backports
      faraday (~> 0.9)
      faraday_middleware (~> 0.9, >= 0.9.1)
      gh (~> 0.13)
      highline (~> 1.6)
      launchy (~> 2.1)
      pusher-client (~> 0.4)
      typhoeus (~> 0.6, >= 0.6.8)
    typhoeus (0.8.0)
      ethon (>= 0.8.0)
    tzinfo (1.2.2)
      thread_safe (~> 0.1)
    websocket (1.2.3)

PLATFORMS
  ruby

DEPENDENCIES
  activesupport
  travis

BUNDLED WITH
   1.12.5
